GIT
  remote: git://github.com/knewter/reveal-ck.git
  revision: a4b1d523ffe874fe5db1518c9625476c246b595e
  specs:
    reveal-ck (0.1.8)
      docile (~> 1.1)
      gli (~> 2.7)
      haml (~> 4.0)
      rake (~> 10.1)
      redcarpet (~> 2.3)
      slim (~> 2.0)
      tilt (~> 1.4)

GEM
  remote: https://rubygems.org/
  specs:
    artii (2.0.4)
    asciiart (0.0.7)
      rainbow
      rmagick
    coderay (1.1.0)
    daemons (1.1.9)
    deckrb (0.5.2)
      coderay
      erector (>= 0.9.0)
      json
      nokogiri
      rack (>= 1.4.1)
      rack-codehighlighter
      redcarpet (~> 2)
      thin
      trollop
    docile (1.1.1)
    erector (0.9.0)
      treetop (>= 1.2.3)
    eventmachine (1.0.3)
    gli (2.8.1)
    haml (4.0.4)
      tilt
    json (1.8.1)
    mini_portile (0.5.2)
    nokogiri (1.6.0)
      mini_portile (~> 0.5.0)
    polyglot (0.3.3)
    rack (1.5.2)
    rack-codehighlighter (0.5.0)
      nokogiri (>= 1.4.1)
      rack (>= 1.0.0)
    rainbow (1.1.4)
    rake (10.1.0)
    redcarpet (2.3.0)
    rmagick (2.13.2)
    slim (2.0.2)
      temple (~> 0.6.6)
      tilt (>= 1.3.3, < 2.1)
    temple (0.6.7)
    thin (1.6.1)
      daemons (>= 1.0.9)
      eventmachine (>= 1.0.0)
      rack (>= 1.0.0)
    tilt (1.4.1)
    treetop (1.4.15)
      polyglot
      polyglot (>= 0.3.1)
    trollop (2.0)
    vimdeck (0.1.7)
      artii
      asciiart
      redcarpet

PLATFORMS
  ruby

DEPENDENCIES
  deckrb
  reveal-ck!
  vimdeck
